PATH
  remote: .
  specs:
    mongoid-fixture_kit (0.0.1)
      activesupport (~> 7.0)
      mongoid (~> 7.0)

GEM
  remote: https://rubygems.org/
  specs:
    activemodel (7.0.4.2)
      activesupport (= 7.0.4.2)
    activesupport (7.0.4.2)
      concurrent-ruby (~> 1.0, >= 1.0.2)
      i18n (>= 1.6, < 2)
      minitest (>= 5.1)
      tzinfo (~> 2.0)
    bson (4.15.0)
    concurrent-ruby (1.2.0)
    i18n (1.12.0)
      concurrent-ruby (~> 1.0)
    minitest (5.17.0)
    mongo (2.18.2)
      bson (>= 4.14.1, < 5.0.0)
    mongoid (7.5.2)
      activemodel (>= 5.1, < 7.1, != 7.0.0)
      mongo (>= 2.10.5, < 3.0.0)
      ruby2_keywords (~> 0.0.5)
    rake (13.0.6)
    ruby2_keywords (0.0.5)
    tzinfo (2.0.6)
      concurrent-ruby (~> 1.0)

PLATFORMS
  x86_64-darwin-22

DEPENDENCIES
  mongoid-fixture_kit!
  rake

BUNDLED WITH
   2.3.26
